PATH
  remote: .
  specs:
    zimbra (0.0.5)
      handsoap

GEM
  remote: https://rubygems.org/
  specs:
    curb (0.8.1)
    diff-lcs (1.1.3)
    handsoap (1.1.8)
    nokogiri (1.5.5)
    rspec (2.12.0)
      rspec-core (~> 2.12.0)
      rspec-expectations (~> 2.12.0)
      rspec-mocks (~> 2.12.0)
    rspec-core (2.12.0)
    rspec-expectations (2.12.0)
      diff-lcs (~> 1.1.3)
    rspec-mocks (2.12.0)

PLATFORMS
  ruby

DEPENDENCIES
  curb
  nokogiri
  rspec
  zimbra!
